GEM
  remote: https://rubygems.org/
  specs:
    byebug (11.1.3)
    csv (3.1.2)
    date (3.0.0)
    httparty (0.18.1)
      mime-types (~> 3.0)
      multi_xml (>= 0.5.2)
    logger (1.4.2)
    mime-types (3.3.1)
      mime-types-data (~> 3.2015)
    mime-types-data (3.2021.0212)
    multi_xml (0.6.0)
    slop (4.8.2)
    sqlite3 (1.4.2)
    timeout (0.1.0)
    uri (0.10.0)

PLATFORMS
  ruby

DEPENDENCIES
  byebug
  csv
  date
  httparty
  logger
  slop
  sqlite3
  timeout
  uri

BUNDLED WITH
   2.1.4
